GEM
  remote: https://rubygems.org/
  specs:
    activerecord (2.3.8)
      activesupport (= 2.3.8)
    activesupport (2.3.8)
    acts-as-list (0.1.2)
    builder (3.2.2)
    columnize (0.3.3)
    configuration (1.2.0)
    cucumber (0.10.6)
      builder (>= 2.1.2)
      diff-lcs (>= 1.1.2)
      gherkin (~> 2.4.0)
      json (>= 1.4.6)
      term-ansicolor (>= 1.0.5)
    cucumber-rails (0.3.2)
      cucumber (>= 0.8.0)
    daemons (1.2.3)
    diff-lcs (1.2.5)
    erubis (2.7.0)
    eventmachine (1.0.8)
    extlib (0.9.15)
    gherkin (2.4.21)
      json (>= 1.4.6)
    highline (1.6.2)
    json (1.8.3)
    launchy (0.4.0)
      configuration (>= 0.0.5)
      rake (>= 0.8.1)
    linecache (0.43)
    mailfactory (1.4.0)
      mime-types (>= 1.13.1)
    merb-assets (1.1.3)
      merb-core (~> 1.1.3)
    merb-auth-core (1.1.0)
      merb-core (~> 1.1.0)
    merb-auth-more (1.1.0)
      merb-auth-core (~> 1.1.0)
    merb-auth-slice-password (1.1.0)
      merb-auth-core (~> 1.1.0)
      merb-auth-more (~> 1.1.0)
      merb-slices (~> 1.1.0)
    merb-core (1.1.3)
      bundler
      erubis (>= 2.6.2)
      extlib (>= 0.9.13)
      mime-types (>= 1.16)
      rack
      rake
    merb-exceptions (1.1.3)
      merb-core (~> 1.1.3)
      merb-mailer (~> 1.1.3)
    merb-gen (1.1.3)
      merb-core (~> 1.1.3)
      templater (>= 1.0.0)
    merb-helpers (1.1.3)
      merb-core (~> 1.1.3)
    merb-mailer (1.1.3)
      mailfactory (>= 1.2.3)
      merb-core (~> 1.1.3)
    merb-param-protection (1.1.3)
      merb-core (~> 1.1.3)
    merb-slices (1.1.3)
      merb-core (~> 1.1.3)
    merb_activerecord (1.0.0.1)
      merb-core (>= 0.9.9)
    merb_cucumber (0.6.1)
      cucumber (>= 0.7.2)
      cucumber-rails
      merb-core (>= 1.1.0)
      merb-gen (>= 1.1.0)
    mime-types (1.16)
    nokogiri (1.4.1)
    rack (1.3.0)
    rack-test (0.6.0)
      rack (>= 1.0)
    rake (0.9.2)
    rspec (1.3.0)
    ruby-debug (0.10.4)
      columnize (>= 0.1)
      ruby-debug-base (~> 0.10.4.0)
    ruby-debug-base (0.10.4)
      linecache (>= 0.3)
    sqlite3-ruby (1.2.5)
    templater (1.0.0)
      diff-lcs (>= 1.1.2)
      extlib (>= 0.9.5)
      highline (>= 1.4.0)
    term-ansicolor (1.3.2)
      tins (~> 1.0)
    thin (1.6.4)
      daemons (~> 1.0, >= 1.0.9)
      eventmachine (~> 1.0, >= 1.0.4)
      rack (~> 1.0)
    tins (1.6.0)
    webrat (0.7.1)
      nokogiri (>= 1.2.0)
      rack (>= 1.0)
      rack-test (>= 0.5.3)

PLATFORMS
  ruby

DEPENDENCIES
  activerecord (= 2.3.8)
  acts-as-list (= 0.1.2)
  cucumber (= 0.10.6)
  cucumber-rails (= 0.3.2)
  launchy
  linecache (= 0.43)
  merb-assets (= 1.1.3)
  merb-auth-core (= 1.1.0)
  merb-auth-more (= 1.1.0)
  merb-auth-slice-password (= 1.1.0)
  merb-core (= 1.1.3)
  merb-exceptions (= 1.1.3)
  merb-helpers (= 1.1.3)
  merb-mailer (= 1.1.3)
  merb-param-protection (= 1.1.3)
  merb-slices (= 1.1.3)
  merb_activerecord
  merb_cucumber (= 0.6.1)
  nokogiri (= 1.4.1)
  rspec (= 1.3.0)
  ruby-debug
  sqlite3-ruby (= 1.2.5)
  thin
  webrat (= 0.7.1)

BUNDLED WITH
   1.10.6
